NUGET
  remote: https://www.nuget.org/api/v2
    FAKE (4.41.6)
    FsCheck (2.6.2)
      FSharp.Core (>= 3.1.2.5)
    FSharp.Core (4.0.0.1)
    FSharpLint (0.2.8)
    FsUnit (2.3.2)
      FSharp.Core (>= 3.1.2.5)
      NUnit (3.5)
    NUnit (3.5)
    NUnit.ConsoleRunner (3.5)
